GEM
  remote: https://rubygems.org/
  specs:
    mini_portile (0.6.2)
    minitest (5.8.0)
    nokogiri (1.6.6.2)
      mini_portile (~> 0.6.0)

PLATFORMS
  ruby

DEPENDENCIES
  minitest
  nokogiri

BUNDLED WITH
   1.10.6
